GEM
  remote: https://rubygems.org/
  specs:
    mustermann (2.0.2)
      ruby2_keywords (~> 0.0.1)
    rack (2.2.8.1)
    rack-protection (2.2.4)
      rack
    rack-test (2.1.0)
      rack (>= 1.3)
    ruby2_keywords (0.0.5)
    sinatra (2.2.4)
      mustermann (~> 2.0)
      rack (~> 2.2)
      rack-protection (= 2.2.4)
      tilt (~> 2.0)
    tilt (2.3.0)
    webrick (1.8.1)

PLATFORMS
  ruby

DEPENDENCIES
  rack (~> 2.2)
  rack-test (~> 2.0)
  sinatra (~> 2.2)
  webrick (~> 1.7)

RUBY VERSION
   ruby 2.7.3p183

BUNDLED WITH
   2.1.4
